GEM
  remote: http://rubygems.org/
  specs:
    pg (0.14.1)

PLATFORMS
  ruby

DEPENDENCIES
  pg
